GEM
  remote: https://rubygems.org/
  specs:
    activesupport (3.2.17)
      i18n (~> 0.6, >= 0.6.4)
      multi_json (~> 1.0)
    colored (1.2)
    i18n (0.6.9)
    ib (0.4.3)
      thor (>= 0.15.4)
      tilt (>= 1.4.1)
      xcodeproj (>= 0.11.1)
    multi_json (1.9.3)
    rake (10.3.1)
    sugarcube (1.4.6)
    thor (0.19.1)
    tilt (2.0.0)
    xcodeproj (0.14.1)
      activesupport (~> 3.0)
      colored (~> 1.2)
      rake

PLATFORMS
  ruby

DEPENDENCIES
  ib
  rake
  sugarcube
